GEM
  remote: http://rubygems.org/
  specs:
    actionmailer (2.3.11)
      actionpack (= 2.3.11)
    actionmailer_extensions (0.4.4)
      actionmailer (~> 2.3.10)
    actionpack (2.3.11)
      activesupport (= 2.3.11)
      rack (~> 1.1.0)
    activesupport (2.3.11)
    bouncy-castle-java (1.5.0146.1)
    builder (3.0.0)
    fetch_in (0.2.0)
    gyoku (0.4.3)
      builder (>= 2.1.2)
    httpclient (2.2.0.2)
    httpi (0.9.3)
      ntlm-http (>= 0.1.1)
      rack
    jruby-openssl (0.7.3)
      bouncy-castle-java
    json_pure (1.5.1)
    nokogiri (1.4.4.2-java)
      weakling (>= 0.0.3)
    nori (0.2.0)
    ntlm-http (0.1.3)
    rack (1.1.2)
    rews (0.5.1)
      fetch_in (>= 0.2.0)
      ntlm-http (>= 0.1.2)
      rsxml (>= 0.1.4)
      savon (>= 0.8.6)
    rfc822_util (0.1.2)
      actionmailer (~> 2.3.10)
    rsxml (0.1.4)
      nokogiri (>= 1.4.4)
    savon (0.9.2)
      builder (>= 2.1.2)
      gyoku (>= 0.4.0)
      httpi (>= 0.7.8)
      nokogiri (>= 1.4.0)
      nori (>= 0.2.0)
    sonar_connector (0.9.1)
      actionmailer (~> 2.3.10)
      actionmailer_extensions (>= 0.4.2)
      json_pure (>= 1.2.2)
      sonar_connector_filestore (>= 0.1.0)
      uuidtools (>= 2.1.1)
    sonar_connector_filestore (0.3.0)
    sonar_ews_pull_connector (0.3.1)
      fetch_in (>= 0.2.0)
      httpclient (>= 2.1.6.1.1)
      ntlm-http (>= 0.1.1)
      rews (>= 0.5.0)
      rfc822_util (>= 0.1.1)
      rsxml (>= 0.1.4)
      savon (>= 0.8.6)
      sonar_connector (>= 0.7.2)
    sonar_exchange_pull_connector (0.6.1)
      activesupport (~> 2.3.10)
      json_pure (>= 1.2.2)
      sonar_connector (>= 0.7.2)
      sonar_rexchange (>= 0.3.7)
    sonar_imap_pull_connector (0.3.0)
      activesupport (>= 2.3.5)
      json_pure (>= 1.2.2)
      sonar_connector (>= 0.5.1)
    sonar_push_connector (0.8.2)
      activesupport (>= 2.3.5)
      json_pure (>= 1.2.2)
      sonar_connector (>= 0.5.1)
    sonar_rexchange (0.4.0)
    uuidtools (2.1.2)
    weakling (0.0.4-java)

PLATFORMS
  java

DEPENDENCIES
  actionmailer (~> 2.3.11)
  actionmailer_extensions (= 0.4.4)
  activesupport (~> 2.3.11)
  httpclient (>= 2.1.7)
  jruby-openssl (= 0.7.3)
  json_pure
  ntlm-http (>= 0.1.3)
  rews (>= 0.5.1)
  rfc822_util
  sonar_connector
  sonar_ews_pull_connector
  sonar_exchange_pull_connector
  sonar_imap_pull_connector
  sonar_push_connector
  sonar_rexchange
  uuidtools
